GIT
  remote: git://github.com/spree/spree.git
  revision: 93f439f0f26cbd3e52af7db0273e6ba603ffe2c1
  branch: 2-0-stable
  specs:
    spree (2.0.9.beta)
      spree_api (= 2.0.9.beta)
      spree_backend (= 2.0.9.beta)
      spree_cmd (= 2.0.9.beta)
      spree_core (= 2.0.9.beta)
      spree_frontend (= 2.0.9.beta)
      spree_sample (= 2.0.9.beta)
    spree_api (2.0.9.beta)
      rabl (= 0.8.4)
      spree_core (= 2.0.9.beta)
      versioncake (= 1.0.0)
    spree_backend (2.0.9.beta)
      jquery-rails (~> 3.0.0)
      jquery-ui-rails (~> 4.0.0)
      select2-rails (~> 3.4.7)
      spree_api (= 2.0.9.beta)
      spree_core (= 2.0.9.beta)
    spree_cmd (2.0.9.beta)
      thor (~> 0.14)
    spree_core (2.0.9.beta)
      activemerchant (~> 1.42.3)
      acts_as_list (= 0.3.0)
      awesome_nested_set (= 2.1.6)
      aws-sdk (= 1.31.3)
      cancan (~> 1.6.10)
      deface (= 1.0.0)
      ffaker (~> 1.16)
      highline (~> 1.6.18)
      httparty (~> 0.11)
      json (~> 1.7)
      kaminari (~> 0.15.0)
      paperclip (~> 3.4.1)
      paranoia (~> 1.3)
      rails (~> 3.2.16)
      ransack (~> 1.1.0)
      state_machine (= 1.2.0)
      stringex (~> 1.5.1)
      truncate_html (= 0.9.2)
    spree_frontend (2.0.9.beta)
      canonical-rails
      deface (>= 0.9.0)
      jquery-rails (~> 3.0.0)
      rails (~> 3.2.13)
      spree_api (= 2.0.9.beta)
      spree_core (= 2.0.9.beta)
      stringex (~> 1.5.1)
    spree_sample (2.0.9.beta)
      spree_core (= 2.0.9.beta)

GIT
  remote: git://github.com/spree/spree_email_to_friend.git
  revision: f5c106255a0413168b4c25ca248085e36e027b57
  branch: 2-0-stable
  specs:
    spree_email_to_friend (1.3)
      recaptcha (>= 0.3.1)
      spree_core (~> 2.0.0)

GIT
  remote: git://github.com/spree/spree_wishlist.git
  revision: 32b60afe45bf4210ab14d51dd6457acf80e8d2af
  branch: 2-0-stable
  specs:
    spree_wishlist (2.0)
      spree_core (>= 2.0.0)

GIT
  remote: https://github.com/Numerico/spree_variant_options.git
  revision: 08e8223d35ece1d3ca9b361f10cd1b1ed2df3249
  specs:
    spree_variant_options (0.6.0)
      spree_core (~> 2.0.4)

GIT
  remote: https://github.com/lhpaul/spree_middle_states
  revision: 6d6bf46db86622d71df7ba24d12bf086dc7f1bf3
  branch: 2-0-stable
  specs:
    spree_middle_states (2.1.4)
      spree_core (>= 2.0.0)

GIT
  remote: https://github.com/lhpaul/spree_minicart_ajax_update
  revision: 5ab5fd783fee6d8fe81547c7a70196c1e1935988
  branch: 2-0-stable
  specs:
    spree_minicart_ajax_update (2.pre.0.pre.stable)
      spree_core (>= 2.pre.0.pre.stable)
      spree_minicart

GIT
  remote: https://github.com/lhpaul/spree_no_zipcode
  revision: dacd334689cc42c2436a5fd7238e403d8ed08c71
  branch: 2-0-stable
  specs:
    spree_no_zipcode (2.pre.0.pre.stable)
      spree_core (>= 2.pre.0.pre.stable)

GIT
  remote: https://github.com/sbounmy/spree_minicart.git
  revision: aae6d30e235033a9e98396be640be570d25ff583
  branch: master
  specs:
    spree_minicart (1.1.3)
      spree_api (~> 2.0)
      spree_core (~> 2.0)
      spree_frontend (~> 2.0)
      spree_sample (~> 2.0)

GIT
  remote: https://github.com/spree/spree_auth_devise.git
  revision: 3224869cfda188f8d7fc4f1eb630d862cd585bea
  branch: 2-0-stable
  specs:
    spree_auth_devise (2.0.0)
      devise (~> 2.2.5)
      devise-encryptable (= 0.1.2)
      spree_backend (~> 2.0.0)
      spree_core (~> 2.0.0)
      spree_frontend (~> 2.0.0)

GIT
  remote: https://github.com/spree/spree_gateway.git
  revision: b0cb8902fee6a94cd0d91d11eb7d154b91502d8b
  branch: 2-0-stable
  specs:
    spree_gateway (2.1.0.beta)
      savon (~> 1.2)
      spree_core (~> 2.0.0)

PATH
  remote: ../spree_dineromail
  specs:
    spree_dineromail (2.pre.0.pre.stable)
      happymapper (~> 0.4.0)
      httparty
      spree_core (>= 2.0.0)

GEM
  remote: https://rubygems.org/
  specs:
    actionmailer (3.2.16)
      actionpack (= 3.2.16)
      mail (~> 2.5.4)
    actionpack (3.2.16)
      activemodel (= 3.2.16)
      activesupport (= 3.2.16)
      builder (~> 3.0.0)
      erubis (~> 2.7.0)
      journey (~> 1.0.4)
      rack (~> 1.4.5)
      rack-cache (~> 1.2)
      rack-test (~> 0.6.1)
      sprockets (~> 2.2.1)
    active_utils (2.0.1)
      activesupport (>= 2.3.11)
      i18n
    activemerchant (1.42.4)
      active_utils (~> 2.0, >= 2.0.1)
      activesupport (>= 2.3.14, < 5.0.0)
      builder (>= 2.1.2, < 4.0.0)
      i18n (~> 0.5)
      json (~> 1.7)
      money (< 7.0.0)
      nokogiri (~> 1.4)
    activemodel (3.2.16)
      activesupport (= 3.2.16)
      builder (~> 3.0.0)
    activerecord (3.2.16)
      activemodel (= 3.2.16)
      activesupport (= 3.2.16)
      arel (~> 3.0.2)
      tzinfo (~> 0.3.29)
    activeresource (3.2.16)
      activemodel (= 3.2.16)
      activesupport (= 3.2.16)
    activesupport (3.2.16)
      i18n (~> 0.6, >= 0.6.4)
      multi_json (~> 1.0)
    acts_as_list (0.3.0)
      activerecord (>= 3.0)
    akami (1.2.0)
      gyoku (>= 0.4.0)
      nokogiri (>= 1.4.0)
    arel (3.0.3)
    awesome_nested_set (2.1.6)
      activerecord (>= 3.0.0)
    aws-sdk (1.31.3)
      json (~> 1.4)
      nokogiri (>= 1.4.4)
      uuidtools (~> 2.1)
    bcrypt-ruby (3.1.2)
    better_errors (1.1.0)
      coderay (>= 1.0.0)
      erubis (>= 2.6.6)
    binding_of_caller (0.7.2)
      debug_inspector (>= 0.0.1)
    builder (3.0.4)
    cancan (1.6.10)
    canonical-rails (0.0.3)
      rails (>= 3.1, < 5.0)
    climate_control (0.0.3)
      activesupport (>= 3.0)
    cocaine (0.5.3)
      climate_control (>= 0.0.3, < 1.0)
    coderay (1.1.0)
    coffee-rails (3.2.2)
      coffee-script (>= 2.2.0)
      railties (~> 3.2.0)
    coffee-script (2.2.0)
      coffee-script-source
      execjs
    coffee-script-source (1.7.0)
    colorize (0.6.0)
    debug_inspector (0.0.2)
    deface (1.0.0)
      colorize (>= 0.5.8)
      nokogiri (~> 1.6.0)
      rails (>= 3.1)
    devise (2.2.8)
      bcrypt-ruby (~> 3.0)
      orm_adapter (~> 0.1)
      railties (~> 3.1)
      warden (~> 1.2.1)
    devise-encryptable (0.1.2)
      devise (>= 2.1.0)
    erubis (2.7.0)
    execjs (2.0.2)
    ffaker (1.23.0)
    gyoku (0.4.6)
      builder (>= 2.1.2)
    happymapper (0.4.1)
      libxml-ruby (~> 2.0)
    highline (1.6.20)
    hike (1.2.3)
    httparty (0.12.0)
      json (~> 1.8)
      multi_xml (>= 0.5.2)
    httpi (1.1.1)
      rack
    i18n (0.6.9)
    journey (1.0.4)
    jquery-rails (3.0.4)
      railties (>= 3.0, < 5.0)
      thor (>= 0.14, < 2.0)
    jquery-ui-rails (4.0.5)
      railties (>= 3.1.0)
    json (1.8.1)
    kaminari (0.15.1)
      actionpack (>= 3.0.0)
      activesupport (>= 3.0.0)
    libxml-ruby (2.7.0)
    mail (2.5.4)
      mime-types (~> 1.16)
      treetop (~> 1.4.8)
    mime-types (1.25.1)
    mini_portile (0.5.2)
    monetize (0.1.3)
    money (6.0.1)
      i18n (~> 0.6.4)
      monetize (~> 0.1.3)
    multi_json (1.8.4)
    multi_xml (0.5.5)
    nokogiri (1.6.1)
      mini_portile (~> 0.5.0)
    nori (1.1.5)
    orm_adapter (0.5.0)
    paperclip (3.4.2)
      activemodel (>= 3.0.0)
      activerecord (>= 3.0.0)
      activesupport (>= 3.0.0)
      cocaine (~> 0.5.0)
      mime-types
    paranoia (1.3.3)
      activerecord (~> 3.2)
    polyamorous (0.6.4)
      activerecord (>= 3.0)
    polyglot (0.3.3)
    rabl (0.8.4)
      activesupport (>= 2.3.14)
    rack (1.4.5)
    rack-cache (1.2)
      rack (>= 0.4)
    rack-ssl (1.3.3)
      rack
    rack-test (0.6.2)
      rack (>= 1.0)
    rails (3.2.16)
      actionmailer (= 3.2.16)
      actionpack (= 3.2.16)
      activerecord (= 3.2.16)
      activeresource (= 3.2.16)
      activesupport (= 3.2.16)
      bundler (~> 1.0)
      railties (= 3.2.16)
    railties (3.2.16)
      actionpack (= 3.2.16)
      activesupport (= 3.2.16)
      rack-ssl (~> 1.3.2)
      rake (>= 0.8.7)
      rdoc (~> 3.4)
      thor (>= 0.14.6, < 2.0)
    rake (10.1.1)
    ransack (1.1.0)
      actionpack (>= 3.0)
      activerecord (>= 3.0)
      polyamorous (~> 0.6.0)
    rdoc (3.12.2)
      json (~> 1.4)
    recaptcha (0.3.6)
    sass (3.2.14)
    sass-rails (3.2.6)
      railties (~> 3.2.0)
      sass (>= 3.1.10)
      tilt (~> 1.3)
    savon (1.2.0)
      akami (~> 1.2.0)
      builder (>= 2.1.2)
      gyoku (~> 0.4.5)
      httpi (~> 1.1.0)
      nokogiri (>= 1.4.0)
      nori (~> 1.1.0)
      wasabi (~> 2.5.0)
    select2-rails (3.4.9)
      sass-rails
      thor (~> 0.14)
    sprockets (2.2.2)
      hike (~> 1.2)
      multi_json (~> 1.0)
      rack (~> 1.0)
      tilt (~> 1.1, != 1.3.0)
    sqlite3 (1.3.8)
    state_machine (1.2.0)
    stringex (1.5.1)
    thor (0.18.1)
    tilt (1.4.1)
    treetop (1.4.15)
      polyglot
      polyglot (>= 0.3.1)
    truncate_html (0.9.2)
    tzinfo (0.3.38)
    uglifier (2.4.0)
      execjs (>= 0.3.0)
      json (>= 1.8.0)
    uuidtools (2.1.4)
    versioncake (1.0.0)
      actionpack (>= 3.0)
      activesupport (>= 3.0)
      railties (>= 3.0)
    warden (1.2.3)
      rack (>= 1.0)
    wasabi (2.5.1)
      httpi (~> 1.0)
      nokogiri (>= 1.4.0)

PLATFORMS
  ruby

DEPENDENCIES
  better_errors
  binding_of_caller
  coffee-rails (~> 3.2.1)
  jquery-rails
  rails (= 3.2.16)
  sass-rails (~> 3.2.3)
  spree!
  spree_auth_devise!
  spree_dineromail!
  spree_email_to_friend!
  spree_gateway!
  spree_middle_states!
  spree_minicart!
  spree_minicart_ajax_update!
  spree_no_zipcode!
  spree_variant_options!
  spree_wishlist!
  sqlite3
  uglifier (>= 1.0.3)
